GIT
  remote: git://github.com/pry/pry.git
  revision: 3c138cbf94a44f7a6696afdab1ab5149d7541974
  specs:
    pry (0.10.1)
      coderay (~> 1.1.0)
      method_source (~> 0.8.1)
      slop (~> 3.4)

GEM
  remote: https://rubygems.org/
  specs:
    appraisal (2.1.0)
      bundler
      rake
      thor (>= 0.14.0)
    byebug (5.0.0)
      columnize (= 0.9.0)
    coderay (1.1.0)
    columnize (0.9.0)
    diff-lcs (1.2.5)
    fssm (0.2.10)
    method_source (0.8.2)
    posix-spawn (0.3.11)
    pry-byebug (3.2.0)
      byebug (~> 5.0)
      pry (~> 0.10)
    pygments.rb (0.6.3)
      posix-spawn (~> 0.3.6)
      yajl-ruby (~> 1.2.0)
    rake (10.4.2)
    redcarpet (3.3.3)
    rspec-core (3.3.2)
      rspec-support (~> 3.3.0)
    rspec-expectations (3.3.1)
      diff-lcs (>= 1.2.0, < 2.0)
      rspec-support (~> 3.3.0)
    rspec-support (3.3.0)
    slop (3.6.0)
    thor (0.19.1)
    yajl-ruby (1.2.1)
    yard (0.8.7.6)

PLATFORMS
  ruby

DEPENDENCIES
  appraisal (~> 2.0)
  bundler (~> 1.1)
  fssm
  pry!
  pry-byebug
  pygments.rb
  rake (~> 10.0)
  redcarpet
  rspec-core (>= 3.2.0, < 4)
  rspec-expectations (>= 3.2.0, < 4)
  yard

BUNDLED WITH
   1.10.6
